GIT
  remote: git://github.com/igrigorik/em-http-request.git
  revision: ba1c1a3f34cb80c4bf4a49596238472f44e84522
  specs:
    em-http-request (1.0.0.beta.4)
      addressable (>= 2.2.3)
      em-socksify
      eventmachine (>= 1.0.0.beta.3)
      http_parser.rb (>= 0.5.1)

GIT
  remote: git://github.com/igrigorik/em-synchrony.git
  revision: 5c2aa0ec22509102a1e2fda659c1d2cea5cb6d5e
  specs:
    em-synchrony (0.3.0.beta.1)
      eventmachine (>= 1.0.0.beta.1)

PATH
  remote: .
  specs:
    uber-s3 (0.1.0)

GEM
  remote: http://rubygems.org/
  specs:
    addressable (2.2.6)
    archive-tar-minitar (0.5.2)
    columnize (0.3.2)
    diff-lcs (1.1.2)
    em-socksify (0.1.0)
      eventmachine
    eventmachine (1.0.0.beta.3)
    eventmachine (1.0.0.beta.3-java)
    http_parser.rb (0.5.1)
    http_parser.rb (0.5.1-java)
    linecache (0.43)
    linecache19 (0.5.12)
      ruby_core_source (>= 0.1.4)
    rake (0.9.1)
    rspec (2.6.0)
      rspec-core (~> 2.6.0)
      rspec-expectations (~> 2.6.0)
      rspec-mocks (~> 2.6.0)
    rspec-core (2.6.3)
    rspec-expectations (2.6.0)
      diff-lcs (~> 1.1.2)
    rspec-mocks (2.6.0)
    ruby-debug (0.10.4)
      columnize (>= 0.1)
      ruby-debug-base (~> 0.10.4.0)
    ruby-debug-base (0.10.4)
      linecache (>= 0.3)
    ruby-debug-base19 (0.11.25)
      columnize (>= 0.3.1)
      linecache19 (>= 0.5.11)
      ruby_core_source (>= 0.1.4)
    ruby-debug19 (0.11.6)
      columnize (>= 0.3.1)
      linecache19 (>= 0.5.11)
      ruby-debug-base19 (>= 0.11.19)
    ruby_core_source (0.1.5)
      archive-tar-minitar (>= 0.5.2)

PLATFORMS
  java
  ruby

DEPENDENCIES
  em-http-request!
  em-synchrony!
  eventmachine (= 1.0.0.beta.3)
  rake
  rspec (~> 2.6.0)
  ruby-debug
  ruby-debug19
  uber-s3!
