GIT
  remote: git://github.com/igrigorik/em-http-request.git
  revision: a1623d48a4edb57c58e76369123c7b9bd517a29a
  specs:
    em-http-request (1.0.0)
      addressable (>= 2.2.3)
      cookiejar
      em-socksify
      eventmachine (>= 1.0.0.beta.3)
      http_parser.rb (>= 0.5.3)

GIT
  remote: git://github.com/igrigorik/em-synchrony.git
  revision: 39954edecdca6078cb18cea890558339122bd2e1
  specs:
    em-synchrony (1.0.0)
      eventmachine (>= 1.0.0.beta.1)

PATH
  remote: .
  specs:
    uber-s3 (0.1.3)
      mime-types (~> 1.16)

GEM
  remote: http://rubygems.org/
  specs:
    addressable (2.2.6)
    archive-tar-minitar (0.5.2)
    columnize (0.3.4)
    cookiejar (0.3.0)
    diff-lcs (1.1.3)
    em-socksify (0.1.0)
      eventmachine
    eventmachine (1.0.0.beta.3)
    eventmachine (1.0.0.beta.3-java)
    http_parser.rb (0.5.3)
    http_parser.rb (0.5.3-java)
    linecache (0.46)
      rbx-require-relative (> 0.0.4)
    linecache19 (0.5.12)
      ruby_core_source (>= 0.1.4)
    mime-types (1.16)
    rake (0.9.2)
    rbx-require-relative (0.0.5)
    rspec (2.7.0)
      rspec-core (~> 2.7.0)
      rspec-expectations (~> 2.7.0)
      rspec-mocks (~> 2.7.0)
    rspec-core (2.7.0)
    rspec-expectations (2.7.0)
      diff-lcs (~> 1.1.2)
    rspec-mocks (2.7.0)
    ruby-debug (0.10.4)
      columnize (>= 0.1)
      ruby-debug-base (~> 0.10.4.0)
    ruby-debug-base (0.10.4)
      linecache (>= 0.3)
    ruby-debug-base19 (0.11.25)
      columnize (>= 0.3.1)
      linecache19 (>= 0.5.11)
      ruby_core_source (>= 0.1.4)
    ruby-debug19 (0.11.6)
      columnize (>= 0.3.1)
      linecache19 (>= 0.5.11)
      ruby-debug-base19 (>= 0.11.19)
    ruby_core_source (0.1.5)
      archive-tar-minitar (>= 0.5.2)

PLATFORMS
  java
  ruby

DEPENDENCIES
  em-http-request!
  em-synchrony!
  eventmachine (= 1.0.0.beta.3)
  rake
  rspec (~> 2.7.0)
  ruby-debug
  ruby-debug19
  uber-s3!
