GIT
  remote: git://github.com/igrigorik/em-http-request.git
  revision: a1623d48a4edb57c58e76369123c7b9bd517a29a
  specs:
    em-http-request (1.0.0)
      addressable (>= 2.2.3)
      cookiejar
      em-socksify
      eventmachine (>= 1.0.0.beta.3)
      http_parser.rb (>= 0.5.3)

GIT
  remote: git://github.com/igrigorik/em-synchrony.git
  revision: 39954edecdca6078cb18cea890558339122bd2e1
  specs:
    em-synchrony (1.0.0)
      eventmachine (>= 1.0.0.beta.1)

GEM
  remote: http://rubygems.org/
  specs:
    addressable (2.2.6)
    archive-tar-minitar (0.5.2)
    columnize (0.3.4)
    cookiejar (0.3.0)
    em-socksify (0.1.0)
      eventmachine
    eventmachine (1.0.0.beta.4)
    http_parser.rb (0.5.3)
    linecache19 (0.5.12)
      ruby_core_source (>= 0.1.4)
    mime-types (1.16)
    ruby-debug-base19 (0.11.25)
      columnize (>= 0.3.1)
      linecache19 (>= 0.5.11)
      ruby_core_source (>= 0.1.4)
    ruby-debug19 (0.11.6)
      columnize (>= 0.3.1)
      linecache19 (>= 0.5.11)
      ruby-debug-base19 (>= 0.11.19)
    ruby_core_source (0.1.5)
      archive-tar-minitar (>= 0.5.2)

PLATFORMS
  ruby

DEPENDENCIES
  em-http-request!
  em-synchrony!
  eventmachine (= 1.0.0.beta.4)
  mime-types
  ruby-debug19
