GIT
  remote: git://github.com/igrigorik/em-http-request.git
  revision: c7848ff95a603c0d97b465ed1f2058178b3f78c0
  specs:
    em-http-request (1.0.0.beta.4)
      addressable (>= 2.2.3)
      em-socksify
      eventmachine (>= 1.0.0.beta.3)
      http_parser.rb (>= 0.5.1)

GIT
  remote: git://github.com/igrigorik/em-synchrony.git
  revision: 5c2aa0ec22509102a1e2fda659c1d2cea5cb6d5e
  specs:
    em-synchrony (0.3.0.beta.1)
      eventmachine (>= 1.0.0.beta.1)

GEM
  remote: http://rubygems.org/
  specs:
    addressable (2.2.6)
    archive-tar-minitar (0.5.2)
    columnize (0.3.3)
    em-socksify (0.1.0)
      eventmachine
    eventmachine (1.0.0.beta.3)
    http_parser.rb (0.5.1)
    linecache19 (0.5.12)
      ruby_core_source (>= 0.1.4)
    ruby-debug-base19 (0.11.25)
      columnize (>= 0.3.1)
      linecache19 (>= 0.5.11)
      ruby_core_source (>= 0.1.4)
    ruby-debug19 (0.11.6)
      columnize (>= 0.3.1)
      linecache19 (>= 0.5.11)
      ruby-debug-base19 (>= 0.11.19)
    ruby_core_source (0.1.5)
      archive-tar-minitar (>= 0.5.2)

PLATFORMS
  ruby

DEPENDENCIES
  em-http-request!
  em-synchrony!
  eventmachine (= 1.0.0.beta.3)
  ruby-debug19
